PATH
  remote: /Users/ed/Development/oapi3/modern
  specs:
    modern (0.1.0)
      deep_dup (~> 0.0.3)
      diff-lcs (~> 1.3)
      dry-struct (~> 0.4)
      dry-validation (~> 0.11)
      http (~> 3.0)
      ice_nine (~> 0.11.2)
      mime-types (~> 3.1)
      mime-types-data (~> 3.2016)
      rack (~> 2.0)

PATH
  remote: /Users/ed/Development/rack-ougai
  specs:
    rack-ougai (0.2.1)
      ougai (~> 1.5)
      rack (~> 2.0)

GEM
  remote: https://rubygems.org/
  specs:
    addressable (2.5.2)
      public_suffix (>= 2.0.2, < 4.0)
    async (1.2.0)
      nio4r
      timers (~> 4.1)
    async-container (0.2.2)
      async (~> 1.0)
    async-http (0.3.1)
      async (~> 1.1)
      async-io (~> 1.0)
    async-io (1.0.0)
      async (~> 1.0)
    concurrent-ruby (1.0.5)
    deep_dup (0.0.3)
    diff-lcs (1.3)
    domain_name (0.5.20170404)
      unf (>= 0.0.5, < 1.0.0)
    dry-configurable (0.7.0)
      concurrent-ruby (~> 1.0)
    dry-container (0.6.0)
      concurrent-ruby (~> 1.0)
      dry-configurable (~> 0.1, >= 0.1.3)
    dry-core (0.4.2)
      concurrent-ruby (~> 1.0)
    dry-equalizer (0.2.0)
    dry-logic (0.4.2)
      dry-container (~> 0.2, >= 0.2.6)
      dry-core (~> 0.2)
      dry-equalizer (~> 0.2)
    dry-struct (0.4.0)
      dry-core (~> 0.4, >= 0.4.1)
      dry-equalizer (~> 0.2)
      dry-types (~> 0.12, >= 0.12.2)
      ice_nine (~> 0.11)
    dry-types (0.12.2)
      concurrent-ruby (~> 1.0)
      dry-configurable (~> 0.1)
      dry-container (~> 0.3)
      dry-core (~> 0.2, >= 0.2.1)
      dry-equalizer (~> 0.2)
      dry-logic (~> 0.4, >= 0.4.2)
      inflecto (~> 0.0.0, >= 0.0.2)
    dry-validation (0.11.1)
      concurrent-ruby (~> 1.0)
      dry-configurable (~> 0.1, >= 0.1.3)
      dry-core (~> 0.2, >= 0.2.1)
      dry-equalizer (~> 0.2)
      dry-logic (~> 0.4, >= 0.4.0)
      dry-types (~> 0.12.0)
    falcon (0.4.2)
      async-container (~> 0.1)
      async-http (~> 0.3)
      rack (>= 1.0)
      samovar (~> 1.3)
    hitimes (1.2.6)
    http (3.0.0)
      addressable (~> 2.3)
      http-cookie (~> 1.0)
      http-form_data (>= 2.0.0.pre.pre2, < 3)
      http_parser.rb (~> 0.6.0)
    http-cookie (1.0.3)
      domain_name (~> 0.5)
    http-form_data (2.0.0)
    http_parser.rb (0.6.0)
    ice_nine (0.11.2)
    inflecto (0.0.2)
    mapping (1.1.1)
    mime-types (3.1)
      mime-types-data (~> 3.2015)
    mime-types-data (3.2016.0521)
    nio4r (2.2.0)
    ougai (1.5.8)
    public_suffix (3.0.1)
    puma (3.11.2)
    rack (2.0.3)
    rainbow (2.2.2)
      rake
    rake (12.3.0)
    samovar (1.8.0)
      mapping (~> 1.0)
      rainbow (~> 2.0)
    timers (4.1.2)
      hitimes
    unf (0.1.4)
      unf_ext
    unf_ext (0.0.7.4)

PLATFORMS
  ruby

DEPENDENCIES
  falcon
  modern!
  puma
  rack-ougai!

BUNDLED WITH
   1.16.1
